PATH
  remote: .
  specs:
    paraspec (0.0.1)
      childprocess (~> 0.9.0)
      hashie (~> 3.5.7)
      msgpack (~> 1.2.4)
      rspec-core (~> 3.7.1)

GEM
  remote: https://rubygems.org/
  specs:
    byebug (10.0.2)
    childprocess (0.9.0)
      ffi (~> 1.0, >= 1.0.11)
    diff-lcs (1.3)
    ffi (1.9.25)
    hashie (3.5.7)
    mini_portile2 (2.3.0)
    msgpack (1.2.4)
    nokogiri (1.8.4)
      mini_portile2 (~> 2.3.0)
    rspec (3.7.0)
      rspec-core (~> 3.7.0)
      rspec-expectations (~> 3.7.0)
      rspec-mocks (~> 3.7.0)
    rspec-core (3.7.1)
      rspec-support (~> 3.7.0)
    rspec-expectations (3.7.0)
      diff-lcs (>= 1.2.0, < 2.0)
      rspec-support (~> 3.7.0)
    rspec-mocks (3.7.0)
      diff-lcs (>= 1.2.0, < 2.0)
      rspec-support (~> 3.7.0)
    rspec-support (3.7.1)
    rspec_junit_formatter (0.4.1)
      rspec-core (>= 2, < 4, != 2.12.0)

PLATFORMS
  ruby

DEPENDENCIES
  byebug
  nokogiri
  paraspec!
  rspec
  rspec_junit_formatter

BUNDLED WITH
   1.16.2
